PATH
  remote: .
  specs:
    loveseat (0.1.0)
      json (= 1.4.6)
      mime-types (= 1.16)

GEM
  remote: http://rubygems.org/
  specs:
    fakeweb (1.3.0)
    json (1.4.6)
    mime-types (1.16)
    rr (1.0.2)
    shoulda (2.11.3)

PLATFORMS
  ruby

DEPENDENCIES
  fakeweb (= 1.3.0)
  loveseat!
  rr (= 1.0.2)
  shoulda (= 2.11.3)
