PATH
  remote: .
  specs:
    loveseat (0.1.0)
      json (= 1.4.6)
      mime-types (= 1.16)

GEM
  remote: http://rubygems.org/
  specs:
    diff-lcs (1.1.2)
    fakeweb (1.3.0)
    json (1.4.6)
    mime-types (1.16)
    rr (1.0.2)
    rspec (2.5.0)
      rspec-core (~> 2.5.0)
      rspec-expectations (~> 2.5.0)
      rspec-mocks (~> 2.5.0)
    rspec-core (2.5.1)
    rspec-expectations (2.5.0)
      diff-lcs (~> 1.1.2)
    rspec-mocks (2.5.0)
    shoulda (2.11.3)

PLATFORMS
  ruby

DEPENDENCIES
  fakeweb (= 1.3.0)
  loveseat!
  rr (= 1.0.2)
  rspec (= 2.5.0)
  shoulda (= 2.11.3)
